GEM
  remote: https://rubygems.org/
  specs:
    json (2.0.2)
    mini_portile2 (2.4.0)
    nokogiri (1.10.10)
      mini_portile2 (~> 2.4.0)

PLATFORMS
  ruby

DEPENDENCIES
  json
  nokogiri

BUNDLED WITH
   1.12.5
