GEM
  remote: https://rubygems.org/
  specs:
    json (2.0.2)
    mini_portile2 (2.5.1)
    nokogiri (1.11.4)
      mini_portile2 (~> 2.5.0)
      racc (~> 1.4)
    racc (1.5.2)

PLATFORMS
  ruby

DEPENDENCIES
  json
  nokogiri

BUNDLED WITH
   1.12.5
